GIT
  remote: git://github.com/adnichols/kitchen-docker.git
  revision: 7d03f1f89cd93e71d08618a0e00a1397214a58af
  branch: docker-ruby-api
  specs:
    kitchen-docker (0.13.0)
      docker-api (~> 1.7)
      test-kitchen (>= 1.0.0.rc.2)

GIT
  remote: git://github.com/coderanger/test-kitchen.git
  revision: ffdd35a08da48e6a994eb59c5b18a6cbf9143c59
  branch: gateway
  specs:
    test-kitchen (1.1.2.dev)
      mixlib-shellout (~> 1.2)
      net-scp (~> 1.1)
      net-ssh (~> 2.7)
      net-ssh-gateway (~> 1.2.0)
      safe_yaml (~> 0.9)
      thor (~> 0.18)

GEM
  remote: https://rubygems.org/
  specs:
    addressable (2.3.8)
    akami (1.2.0)
      gyoku (>= 0.4.0)
      nokogiri (>= 1.4.0)
    app_conf (0.4.2)
    archive-tar-minitar (0.5.2)
    berkshelf (3.1.4)
      addressable (~> 2.3.4)
      berkshelf-api-client (~> 1.2)
      buff-config (~> 1.0)
      buff-extensions (~> 1.0)
      buff-shell_out (~> 0.1)
      celluloid (~> 0.16.0.pre)
      celluloid-io (~> 0.16.0.pre)
      faraday (~> 0.9.0)
      minitar (~> 0.5.4)
      octokit (~> 3.0)
      retryable (~> 1.3.3)
      ridley (~> 4.0)
      solve (~> 1.1)
      thor (~> 0.18)
    berkshelf-api-client (1.2.1)
      faraday (~> 0.9.0)
    buff-config (1.0.1)
      buff-extensions (~> 1.0)
      varia_model (~> 0.4)
    buff-extensions (1.0.0)
    buff-ignore (1.1.1)
    buff-platform (0.1.0)
    buff-ruby_engine (0.1.0)
    buff-shell_out (0.2.0)
      buff-ruby_engine (~> 0.1.0)
    builder (3.2.2)
    celluloid (0.16.0)
      timers (~> 4.0.0)
    celluloid-io (0.16.2)
      celluloid (>= 0.16.0)
      nio4r (>= 1.1.0)
    chef (11.16.4)
      chef-zero (~> 2.1, >= 2.1.4)
      diff-lcs (~> 1.2, >= 1.2.4)
      erubis (~> 2.7)
      ffi-yajl (~> 1.0)
      highline (~> 1.6, >= 1.6.9)
      mime-types (~> 1.16)
      mixlib-authentication (~> 1.3)
      mixlib-cli (~> 1.4)
      mixlib-config (~> 2.0)
      mixlib-log (~> 1.3)
      mixlib-shellout (~> 1.4)
      net-ssh (~> 2.6)
      net-ssh-multi (~> 1.1)
      ohai (~> 7.4)
      plist (~> 3.1.0)
      pry (~> 0.9)
      rest-client (>= 1.0.4, <= 1.6.7)
    chef-vault (2.1.0)
      chef (>= 0.10.10)
    chef-zero (2.2.1)
      ffi-yajl (~> 1.1)
      hashie (~> 2.0)
      mixlib-log (~> 1.3)
      rack
    chefspec (3.4.0)
      chef (~> 11.0)
      fauxhai (~> 2.0)
      rspec (~> 2.14)
    ci_reporter (1.9.1)
      builder (>= 2.1.2)
    coderay (1.1.0)
    dep-selector-libgecode (1.0.2)
    dep_selector (1.0.3)
      dep-selector-libgecode (~> 1.0)
      ffi (~> 1.9)
    diff-lcs (1.2.5)
    diffy (3.0.1)
    docker-api (1.7.6)
      archive-tar-minitar
      excon (>= 0.28)
      json
    em-winrm (0.5.4)
      eventmachine (= 1.0.0.beta.3)
      mixlib-log (>= 1.3.0)
      uuidtools (~> 2.1.1)
      winrm (~> 1.1.0)
    erubis (2.7.0)
    eventmachine (1.0.0.beta.3)
    excon (0.31.0)
    faraday (0.9.1)
      multipart-post (>= 1.2, < 3)
    fauxhai (2.2.0)
      net-ssh
      ohai
    ffi (1.9.3)
    ffi-yajl (1.4.0)
      ffi (~> 1.5)
      libyajl2 (~> 1.2)
    fog (1.19.0)
      builder
      excon (~> 0.31.0)
      formatador (~> 0.2.0)
      mime-types
      multi_json (~> 1.0)
      net-scp (~> 1.1)
      net-ssh (>= 2.1.3)
      nokogiri (~> 1.5)
      ruby-hmac
    foodcritic (2.1.0)
      erubis
      gherkin (~> 2.11.7)
      nokogiri (~> 1.5.4)
      rak (~> 1.4)
      treetop (~> 1.4.10)
      yajl-ruby (~> 1.1.0)
    formatador (0.2.4)
    gherkin (2.11.8)
      multi_json (~> 1.3)
    git (1.2.6)
    gssapi (1.0.3)
      ffi (>= 1.0.1)
    guard (1.8.3)
      formatador (>= 0.2.4)
      listen (~> 1.3)
      lumberjack (>= 1.0.2)
      pry (>= 0.9.10)
      thor (>= 0.14.6)
    guard-bundler (1.0.0)
      bundler (~> 1.0)
      guard (~> 1.1)
    guard-foodcritic (1.0.2)
      foodcritic (>= 1.3, < 4.0)
      guard (>= 1.0, < 3.0)
    guard-kitchen (0.0.2)
      guard
      mixlib-shellout
    guard-rspec (3.1.0)
      guard (>= 1.8)
      rspec (~> 2.13)
    gyoku (1.1.0)
      builder (>= 2.1.2)
    hashie (2.1.2)
    highline (1.7.2)
    hitimes (1.2.2)
    httpclient (2.3.4.1)
    httpi (0.9.7)
      rack
    ipaddress (0.8.0)
    json (1.8.2)
    kitchen-vagrant (0.14.0)
      test-kitchen (~> 1.0)
    knife-block (0.0.9)
    knife-essentials (1.5.5)
      chef
      chef-zero (>= 1.5)
    knife-rackspace (0.8.4)
      chef (>= 0.10.10)
      fog (~> 1.12)
      knife-windows
    knife-solo (0.4.2)
      chef (>= 10.12)
      erubis (~> 2.7.0)
      net-ssh (>= 2.2.2, < 3.0)
    knife-solo_data_bag (1.1.0)
    knife-spec (1.0.0)
      chef
    knife-spork (1.3.0)
      app_conf (>= 0.4.0)
      chef (>= 11.0.0)
      diffy (>= 3.0.1)
      git (>= 1.2.5)
    knife-windows (0.5.14)
      em-winrm (= 0.5.4)
    libnotify (0.8.4)
      ffi (>= 1.0.11)
    libyajl2 (1.2.0)
    listen (1.3.1)
      rb-fsevent (>= 0.9.3)
      rb-inotify (>= 0.9)
      rb-kqueue (>= 0.2)
    little-plugger (1.1.3)
    logging (1.8.1)
      little-plugger (>= 1.1.3)
      multi_json (>= 1.3.6)
    lumberjack (1.0.4)
    method_source (0.8.2)
    mime-types (1.25.1)
    minitar (0.5.4)
    minitest (4.7.5)
    minitest-chef-handler (1.0.1)
      chef
      ci_reporter
      minitest (~> 4.7.3)
    mixlib-authentication (1.3.0)
      mixlib-log
    mixlib-cli (1.5.0)
    mixlib-config (2.1.0)
    mixlib-log (1.6.0)
    mixlib-shellout (1.6.1)
    multi_json (1.8.2)
    multipart-post (2.0.0)
    net-http-persistent (2.9.4)
    net-scp (1.1.2)
      net-ssh (>= 2.6.5)
    net-ssh (2.9.2)
    net-ssh-gateway (1.2.0)
      net-ssh (>= 2.6.5)
    net-ssh-multi (1.2.1)
      net-ssh (>= 2.6.5)
      net-ssh-gateway (>= 1.2.0)
    nio4r (1.1.0)
    nokogiri (1.5.11)
    nori (1.1.5)
    octokit (3.8.0)
      sawyer (~> 0.6.0, >= 0.5.3)
    ohai (7.4.1)
      ffi (~> 1.9)
      ffi-yajl (~> 1.1)
      ipaddress
      mime-types (~> 1.16)
      mixlib-cli
      mixlib-config (~> 2.0)
      mixlib-log
      mixlib-shellout (~> 1.2)
      systemu (~> 2.6.4)
      wmi-lite (~> 1.0)
    plist (3.1.0)
    polyglot (0.3.3)
    pry (0.9.12.4)
      coderay (~> 1.0)
      method_source (~> 0.8)
      slop (~> 3.4)
    rack (1.6.1)
    rak (1.4)
    rake (10.0.4)
    rb-fsevent (0.9.3)
    rb-inotify (0.9.3)
      ffi (>= 0.5.0)
    rb-kqueue (0.2.0)
      ffi (>= 0.5.0)
    rest-client (1.6.7)
      mime-types (>= 1.16)
    retryable (1.3.6)
    ridley (4.1.1)
      addressable
      buff-config (~> 1.0)
      buff-extensions (~> 1.0)
      buff-ignore (~> 1.1)
      buff-shell_out (~> 0.1)
      celluloid (~> 0.16.0)
      celluloid-io (~> 0.16.1)
      erubis
      faraday (~> 0.9.0)
      hashie (>= 2.0.2, < 3.0.0)
      json (>= 1.7.7)
      mixlib-authentication (>= 1.3.0)
      net-http-persistent (>= 2.8)
      retryable
      semverse (~> 1.1)
      varia_model (~> 0.4)
    rspec (2.14.1)
      rspec-core (~> 2.14.0)
      rspec-expectations (~> 2.14.0)
      rspec-mocks (~> 2.14.0)
    rspec-core (2.14.7)
    rspec-expectations (2.14.4)
      diff-lcs (>= 1.1.3, < 2.0)
    rspec-mocks (2.14.4)
    ruby-hmac (0.4.0)
    rubyntlm (0.1.1)
    rvm (1.11.3.9)
    safe_yaml (0.9.7)
    savon (0.9.5)
      akami (~> 1.0)
      builder (>= 2.1.2)
      gyoku (>= 0.4.0)
      httpi (~> 0.9)
      nokogiri (>= 1.4.0)
      nori (~> 1.0)
      wasabi (~> 1.0)
    sawyer (0.6.0)
      addressable (~> 2.3.5)
      faraday (~> 0.8, < 0.10)
    semverse (1.2.1)
    slop (3.4.7)
    solve (1.2.1)
      dep_selector (~> 1.0)
      semverse (~> 1.1)
    strainer (3.4.0)
      berkshelf (>= 2.0, < 4.0)
      buff-platform (~> 0.1)
    systemu (2.6.5)
    thor (0.18.1)
    timers (4.0.1)
      hitimes
    treetop (1.4.15)
      polyglot
      polyglot (>= 0.3.1)
    uuidtools (2.1.4)
    varia_model (0.4.0)
      buff-extensions (~> 1.0)
      hashie (>= 2.0.2, < 3.0.0)
    wasabi (1.0.0)
      nokogiri (>= 1.4.0)
    winrm (1.1.3)
      gssapi (~> 1.0.0)
      httpclient (~> 2.2, >= 2.2.0.2)
      logging (~> 1.6, >= 1.6.1)
      nokogiri (~> 1.5)
      rubyntlm (~> 0.1.1)
      savon (= 0.9.5)
      uuidtools (~> 2.1.2)
    wmi-lite (1.0.0)
    yajl-ruby (1.1.0)

PLATFORMS
  ruby

DEPENDENCIES
  chef (~> 11.16.0)
  chef-vault
  chefspec (~> 3.0)
  foodcritic
  guard (~> 1.8)
  guard-bundler (~> 1.0.0)
  guard-foodcritic (~> 1.0)
  guard-kitchen
  guard-rspec (~> 3.0)
  kitchen-docker!
  kitchen-vagrant
  knife-block (~> 0.0.9)
  knife-essentials
  knife-rackspace
  knife-solo
  knife-solo_data_bag
  knife-spec
  knife-spork
  libnotify
  minitest-chef-handler
  rake (~> 10.0.4)
  rspec
  rvm
  strainer (~> 3.4)
  test-kitchen!
